PATH
  remote: .
  specs:
    marvel (0.1.0)

GEM
  remote: https://rubygems.org/
  specs:
    activesupport (6.0.2.1)
      concurrent-ruby (~> 1.0, >= 1.0.2)
      i18n (>= 0.7, < 2)
      minitest (~> 5.1)
      tzinfo (~> 1.1)
      zeitwerk (~> 2.2)
    concurrent-ruby (1.1.5)
    cram_md5 (0.0.7)
    digester (1.0.0)
      activesupport
    httparty (0.17.3)
      mime-types (~> 3.0)
      multi_xml (>= 0.5.2)
    i18n (1.7.0)
      concurrent-ruby (~> 1.0)
    mime-types (3.3.1)
      mime-types-data (~> 3.2015)
    mime-types-data (3.2019.1009)
    minitest (5.13.0)
    multi_xml (0.6.0)
    rake (12.3.3)
    thread_safe (0.3.6)
    tzinfo (1.2.6)
      thread_safe (~> 0.1)
    unix-crypt (1.3.0)
    zeitwerk (2.2.2)

PLATFORMS
  ruby

DEPENDENCIES
  cram_md5
  digester
  httparty (~> 0.17.3)
  marvel!
  rake (~> 12.0)
  unix-crypt

BUNDLED WITH
   2.0.2
